GEM
  remote: https://rubygems.org/
  specs:
    aws-sdk (2.11.201)
      aws-sdk-resources (= 2.11.201)
    aws-sdk-core (2.11.201)
      aws-sigv4 (~> 1.0)
      jmespath (~> 1.0)
    aws-sdk-resources (2.11.201)
      aws-sdk-core (= 2.11.201)
    aws-sigv4 (1.0.3)
    builder (3.2.3)
    coderay (1.1.2)
    erubis (2.7.0)
    excon (0.62.0)
    ffi (1.10.0)
    formatador (0.2.5)
    gssapi (1.2.0)
      ffi (>= 1.0.1)
    guard (2.15.0)
      formatador (>= 0.2.4)
      listen (>= 2.7, < 4.0)
      lumberjack (>= 1.0.12, < 2.0)
      nenv (~> 0.1)
      notiffany (~> 0.0)
      pry (>= 0.9.12)
      shellany (~> 0.0)
      thor (>= 0.18.1)
    guard-kitchen (0.0.2)
      guard
      mixlib-shellout
    gyoku (1.3.1)
      builder (>= 2.1.2)
    httpclient (2.8.3)
    jmespath (1.6.1)
    kitchen-ansible (0.49.0)
      net-ssh (>= 3)
      test-kitchen (~> 1.4)
    kitchen-ec2 (2.4.0)
      aws-sdk (~> 2)
      excon
      multi_json
      retryable (~> 2.0)
      test-kitchen (~> 1.4, >= 1.4.1)
    kitchen-sync (2.2.1)
      net-sftp
      test-kitchen (>= 1.0.0)
    kitchen-transport-rsync (0.1.2)
      test-kitchen (~> 1.4)
    kitchen-vagrant (1.3.6)
      test-kitchen (~> 1.4)
    kitchen-verifier-serverspec (0.6.11)
      net-ssh (>= 3)
      test-kitchen (~> 1.4)
    listen (3.1.5)
      rb-fsevent (~> 0.9, >= 0.9.4)
      rb-inotify (~> 0.9, >= 0.9.7)
      ruby_dep (~> 1.2)
    little-plugger (1.1.4)
    logging (2.2.2)
      little-plugger (~> 1.1)
      multi_json (~> 1.10)
    lumberjack (1.0.13)
    method_source (0.9.2)
    mixlib-install (3.11.5)
      mixlib-shellout
      mixlib-versioning
      thor
    mixlib-shellout (2.4.4)
    mixlib-versioning (1.2.7)
    multi_json (1.13.1)
    nenv (0.3.0)
    net-scp (1.2.1)
      net-ssh (>= 2.6.5)
    net-sftp (2.1.2)
      net-ssh (>= 2.6.5)
    net-ssh (4.2.0)
    net-ssh-gateway (1.3.0)
      net-ssh (>= 2.6.5)
    nori (2.6.0)
    notiffany (0.1.1)
      nenv (~> 0.1)
      shellany (~> 0.0)
    pry (0.12.2)
      coderay (~> 1.1.0)
      method_source (~> 0.9.0)
    rb-fsevent (0.10.3)
    rb-inotify (0.10.0)
      ffi (~> 1.0)
    retryable (2.0.4)
    ruby_dep (1.5.0)
    rubyntlm (0.6.2)
    rubyzip (1.2.2)
    shellany (0.0.1)
    test-kitchen (1.24.0)
      mixlib-install (~> 3.6)
      mixlib-shellout (>= 1.2, < 3.0)
      net-scp (~> 1.1)
      net-ssh (>= 2.9, < 5.0)
      net-ssh-gateway (~> 1.2)
      thor (~> 0.19)
      winrm (~> 2.0)
      winrm-elevated (~> 1.0)
      winrm-fs (~> 1.1)
    thor (0.20.3)
    vagrant-wrapper (2.0.3)
    winrm (2.3.1)
      builder (>= 2.1.2)
      erubis (~> 2.7)
      gssapi (~> 1.2)
      gyoku (~> 1.0)
      httpclient (~> 2.2, >= 2.2.0.2)
      logging (>= 1.6.1, < 3.0)
      nori (~> 2.0)
      rubyntlm (~> 0.6.0, >= 0.6.1)
    winrm-elevated (1.1.1)
      winrm (~> 2.0)
      winrm-fs (~> 1.0)
    winrm-fs (1.3.2)
      erubis (~> 2.7)
      logging (>= 1.6.1, < 3.0)
      rubyzip (~> 1.1)
      winrm (~> 2.0)

PLATFORMS
  ruby

DEPENDENCIES
  guard
  guard-kitchen
  kitchen-ansible
  kitchen-ec2
  kitchen-sync
  kitchen-transport-rsync
  kitchen-vagrant
  kitchen-verifier-serverspec
  test-kitchen
  vagrant-wrapper

BUNDLED WITH
   1.16.2
